GEM
  remote: https://rubygems.org/
  specs:
    ffi (1.15.5)
    image_processing (1.12.2)
      mini_magick (>= 4.9.5, < 5)
      ruby-vips (>= 2.0.17, < 3)
    mini_magick (4.11.0)
    ruby-vips (2.1.4)
      ffi (~> 1.12)

PLATFORMS
  ruby

DEPENDENCIES
  image_processing

BUNDLED WITH
   2.1.2
