GEM
  remote: https://rubygems.org/
  specs:
    ffi (1.12.2)
    image_processing (1.10.3)
      mini_magick (>= 4.9.5, < 5)
      ruby-vips (>= 2.0.17, < 3)
    mini_magick (4.10.1)
    ruby-vips (2.0.17)
      ffi (~> 1.9)

PLATFORMS
  ruby

DEPENDENCIES
  image_processing

BUNDLED WITH
   2.1.2
